PATH
  remote: .
  specs:
    tagged_logging (0.1.1)

GEM
  remote: https://rubygems.org/
  specs:
    multi_json (1.3.4)
    rake (0.9.2.2)
    simplecov (0.6.2)
      multi_json (~> 1.3)
      simplecov-html (~> 0.5.3)
    simplecov-html (0.5.3)
    test-unit (2.4.8)

PLATFORMS
  ruby

DEPENDENCIES
  rake
  simplecov
  tagged_logging!
  test-unit
